GEM
  remote: http://rubygems.org/
  specs:
    activemodel (3.0.5)
      activesupport (= 3.0.5)
      builder (~> 2.1.2)
      i18n (~> 0.4)
    activesupport (3.0.5)
    backports (2.1.0)
    bond (0.4.1)
    bson (1.3.1)
    bson (1.3.1-java)
    bson_ext (1.3.1)
    builder (2.1.2)
    haml (3.1.2)
    i18n (0.4.2)
    mizuno (0.4.0)
      rack (>= 1.0.0)
    mongo (1.3.1)
      bson (>= 1.3.1)
    mongo_mapper (0.9.1)
      activemodel (~> 3.0)
      activesupport (~> 3.0)
      plucky (~> 0.3.8)
    mongomapper_ext (0.5.2)
      i18n (~> 0.4.1)
      mongo_mapper (~> 0.8)
      mongo_mapper (~> 0.8)
      tzinfo (~> 0.3)
      uuidtools (>= 2.0.0)
      uuidtools (~> 2.0.0)
    monkey-lib (0.5.4)
      backports
    plucky (0.3.8)
      mongo (~> 1.3)
    rack (1.3.0)
    rack-flash (0.1.1)
      rack
    rack-test (0.6.0)
      rack (>= 1.0)
    rake (0.8.7)
    ripl (0.4.2)
      bond (~> 0.4.0)
    ripl-multi_line (0.3.0)
      ripl (>= 0.3.6)
    ripl-rack (0.2.0)
      rack (>= 1.0)
      rack-test (>= 0.5)
      ripl (>= 0.3.5)
    sinatra (1.2.6)
      rack (~> 1.1)
      tilt (>= 1.2.2, < 2.0)
    sinatra-advanced-routes (0.5.1)
      monkey-lib (~> 0.5.0)
      sinatra (~> 1.0)
      sinatra-sugar (~> 0.5.0)
    sinatra-reloader (0.5.0)
      sinatra (~> 1.0)
      sinatra-advanced-routes (~> 0.5.0)
    sinatra-sugar (0.5.0)
      monkey-lib (~> 0.5.0)
      sinatra (~> 1.0)
    tilt (1.3.2)
    tux (0.3.0)
      ripl (>= 0.3.5)
      ripl-multi_line (>= 0.2.4)
      ripl-rack (>= 0.2.0)
      sinatra (>= 1.2.1)
    tzinfo (0.3.29)
    uuidtools (2.0.0)

PLATFORMS
  java
  ruby

DEPENDENCIES
  bson_ext
  haml
  mizuno
  mongo_mapper
  mongomapper_ext
  rack
  rack-flash
  rake
  sinatra
  sinatra-reloader
  tux
