GEM
  remote: http://rubygems.org/
  specs:
    activemodel (3.0.5)
      activesupport (= 3.0.5)
      builder (~> 2.1.2)
      i18n (~> 0.4)
    activesupport (3.0.5)
    backports (2.3.0)
    bond (0.4.1)
    bson (1.5.2)
    bson (1.5.2-java)
    bson_ext (1.5.2)
      bson (= 1.5.2)
    builder (2.1.2)
    childprocess (0.3.1)
      ffi (~> 1.0.6)
    choice (0.1.5)
    coderay (1.0.5)
    eventmachine (0.12.10)
    eventmachine (0.12.10-java)
    ffi (1.0.11)
    ffi (1.0.11-java)
    haml (3.1.4)
    i18n (0.4.2)
    method_source (0.7.0)
    mizuno (0.5.1)
      childprocess (>= 0.2.6)
      choice (>= 0.1.0)
      ffi (>= 1.0.0)
      rack (>= 1.0.0)
    mongo (1.5.2)
      bson (= 1.5.2)
    mongo_mapper (0.11.0)
      activemodel (~> 3.0)
      activesupport (~> 3.0)
      plucky (~> 0.4.0)
    mongomapper_ext (0.5.2)
      i18n (~> 0.4.1)
      mongo_mapper (~> 0.8)
      mongo_mapper (~> 0.8)
      tzinfo (~> 0.3)
      uuidtools (>= 2.0.0)
      uuidtools (~> 2.0.0)
    plucky (0.4.4)
      mongo (~> 1.5)
    pry (0.9.8.2)
      coderay (~> 1.0.5)
      method_source (~> 0.7)
      slop (>= 2.4.4, < 3)
    pry (0.9.8.2-java)
      coderay (~> 1.0.5)
      method_source (~> 0.7)
      slop (>= 2.4.4, < 3)
      spoon (~> 0.0)
    rack (1.4.1)
    rack-protection (1.2.0)
      rack
    rack-test (0.6.1)
      rack (>= 1.0)
    rake (0.9.2.2)
    ripl (0.6.2)
      bond (~> 0.4.0)
    ripl-multi_line (0.3.0)
      ripl (>= 0.3.6)
    ripl-rack (0.2.0)
      rack (>= 1.0)
      rack-test (>= 0.5)
      ripl (>= 0.3.5)
    sinatra (1.3.2)
      rack (~> 1.3, >= 1.3.6)
      rack-protection (~> 1.2)
      tilt (~> 1.3, >= 1.3.3)
    sinatra-contrib (1.3.1)
      backports (>= 2.0)
      eventmachine
      rack-protection
      rack-test
      sinatra (~> 1.3.0)
      tilt (~> 1.3)
    sinatra-flash (0.3.0)
      sinatra (>= 1.0.0)
    sinatra-reloader (1.0)
      sinatra-contrib
    slop (2.4.4)
    spoon (0.0.1)
    tilt (1.3.3)
    tux (0.3.0)
      ripl (>= 0.3.5)
      ripl-multi_line (>= 0.2.4)
      ripl-rack (>= 0.2.0)
      sinatra (>= 1.2.1)
    tzinfo (0.3.31)
    uuidtools (2.0.0)

PLATFORMS
  java
  ruby

DEPENDENCIES
  bson_ext
  haml
  mizuno
  mongo_mapper
  mongomapper_ext
  pry
  rack
  rake
  sinatra
  sinatra-flash
  sinatra-reloader
  spoon
  tux
